GIT
  remote: git://github.com/rails/rails.git
  revision: a197d1c
  specs:
    actionmailer (3.0.0.rc)
      actionpack (= 3.0.0.rc)
      mail (~> 2.2.5)
    actionpack (3.0.0.rc)
      activemodel (= 3.0.0.rc)
      activesupport (= 3.0.0.rc)
      builder (~> 2.1.2)
      erubis (~> 2.6.6)
      i18n (~> 0.4.1)
      rack (~> 1.2.1)
      rack-mount (~> 0.6.9)
      rack-test (~> 0.5.4)
      tzinfo (~> 0.3.22)
    activemodel (3.0.0.rc)
      activesupport (= 3.0.0.rc)
      builder (~> 2.1.2)
      i18n (~> 0.4.1)
    activerecord (3.0.0.rc)
      activemodel (= 3.0.0.rc)
      activesupport (= 3.0.0.rc)
      arel (~> 0.4.0)
      tzinfo (~> 0.3.22)
    activeresource (3.0.0.rc)
      activemodel (= 3.0.0.rc)
      activesupport (= 3.0.0.rc)
    activesupport (3.0.0.rc)
    rails (3.0.0.rc)
      actionmailer (= 3.0.0.rc)
      actionpack (= 3.0.0.rc)
      activerecord (= 3.0.0.rc)
      activeresource (= 3.0.0.rc)
      activesupport (= 3.0.0.rc)
      bundler (>= 1.0.0.rc.2)
      railties (= 3.0.0.rc)
    railties (3.0.0.rc)
      actionpack (= 3.0.0.rc)
      activesupport (= 3.0.0.rc)
      rake (>= 0.8.3)
      thor (~> 0.14.0)

GEM
  remote: http://rubygems.org/
  specs:
    abstract (1.0.0)
    arel (0.4.0)
      activesupport (>= 3.0.0.beta)
    babosa (0.1.1)
    bcrypt-ruby (2.1.2)
    builder (2.1.2)
    compass (0.10.4)
      haml (>= 3.0.4)
    devise (1.1.1)
      bcrypt-ruby (~> 2.1.2)
      warden (~> 0.10.7)
    erubis (2.6.6)
      abstract (>= 1.0.0)
    friendly_id (3.1.1.1)
      babosa (>= 0.1.0)
    haml (3.0.14)
    hpricot (0.8.2)
    i18n (0.4.1)
    mail (2.2.5)
      activesupport (>= 2.3.6)
      mime-types
      treetop (>= 1.4.5)
    mime-types (1.16)
    polyglot (0.3.1)
    rack (1.2.1)
    rack-mount (0.6.9)
      rack (>= 1.0.0)
    rack-test (0.5.4)
      rack (>= 1.0)
    rails3-generators (0.12.1)
    rake (0.8.7)
    ruby_parser (2.0.4)
      sexp_processor (~> 3.0)
    sexp_processor (3.0.4)
    sqlite3-ruby (1.3.1)
    thor (0.14.0)
    treetop (1.4.8)
      polyglot (>= 0.3.1)
    tzinfo (0.3.22)
    warden (0.10.7)
      rack (>= 1.0.0)

PLATFORMS
  ruby

DEPENDENCIES
  compass (>= 0.10.4)
  devise (= 1.1.1)
  friendly_id (= 3.1.1.1)
  haml (= 3.0.14)
  hpricot
  rails!
  rails3-generators
  ruby_parser
  sqlite3-ruby
